PATH
  remote: .
  specs:
    bass (0.0.1)
      pathname (~> 0.2)
      yajl-ruby (~> 1.4)

GEM
  remote: https://rubygems.org/
  specs:
    byebug (11.1.3)
    coderay (1.1.3)
    execjs (2.9.1)
    io-console (0.6.0)
    irb (1.8.2)
      rdoc
      reline (>= 0.3.8)
    method_source (1.0.0)
    pathname (0.2.1)
    pry (0.14.2)
      coderay (~> 1.1)
      method_source (~> 1.0)
    psych (5.1.1)
      stringio
    rdoc (6.5.0)
      psych (>= 4.0.0)
    reline (0.3.9)
      io-console (~> 0.5)
    ripper-tags (1.0.1)
    stringio (3.0.8)
    uglifier (4.2.0)
      execjs (>= 0.3.0, < 3)
    yajl-ruby (1.4.3)
    yard (0.9.34)

PLATFORMS
  x86_64-darwin-20

DEPENDENCIES
  bass!
  byebug
  irb
  pry
  ripper-tags
  uglifier
  yard (~> 0.9)

BUNDLED WITH
   2.4.16
